GEM
  remote: https://rubygems.org/
  specs:
    ansi (1.5.0)
    builder (3.2.2)
    color_pound_spec_reporter (0.0.5)
    minitest (5.9.0)
    minitest-reporters (1.1.9)
      ansi
      builder
      minitest (>= 5.0)
      ruby-progressbar
    ruby-progressbar (1.8.1)

PLATFORMS
  ruby

DEPENDENCIES
  color_pound_spec_reporter
  minitest-reporters

BUNDLED WITH
   2.2.17
